GEM
  remote: http://rubygems.org/
  specs:
    activemodel (3.2.16)
      activesupport (= 3.2.16)
      builder (~> 3.0.0)
    activesupport (3.2.16)
      i18n (~> 0.6, >= 0.6.4)
      multi_json (~> 1.0)
    addressable (2.3.5)
    autoparse (0.3.3)
      addressable (>= 2.3.1)
      extlib (>= 0.9.15)
      multi_json (>= 1.0.0)
    awesome_print (1.2.0)
    backports (3.3.5)
    bcrypt-ruby (3.0.1)
    bcrypt-ruby (3.0.1-java)
    bond (0.4.3)
    bond (0.4.3-java)
    bson (1.8.3)
    bson (1.8.3-java)
    bson_ext (1.8.3)
      bson (~> 1.8.3)
    buff-config (0.4.0)
      buff-extensions (~> 0.3)
      varia_model (~> 0.1)
    buff-extensions (0.5.0)
    buff-ignore (1.1.1)
    buff-ruby_engine (0.1.0)
    buff-shell_out (0.1.1)
      buff-ruby_engine (~> 0.1.0)
    builder (3.0.4)
    celluloid (0.15.2)
      timers (~> 1.1.0)
    celluloid-io (0.15.0)
      celluloid (>= 0.15.0)
      nio4r (>= 0.5.0)
    coderay (1.1.0)
    columnize (0.3.6)
    coveralls (0.7.0)
      multi_json (~> 1.3)
      rest-client
      simplecov (>= 0.7)
      term-ansicolor
      thor
    database_cleaner (1.2.0)
    debugger (1.6.3)
      columnize (>= 0.3.1)
      debugger-linecache (~> 1.2.0)
      debugger-ruby_core_source (~> 1.2.4)
    debugger-linecache (1.2.0)
    debugger-ruby_core_source (1.2.4)
    diff-lcs (1.2.5)
    docile (1.1.1)
    dotenv (0.9.0)
    erubis (2.7.0)
    eventmachine (1.0.3)
    eventmachine (1.0.3-java)
    excon (0.25.3)
    extlib (0.9.16)
    factory_girl (3.0.0)
      activesupport (>= 3.0.0)
    faraday (0.8.8)
      multipart-post (~> 1.2.0)
    ffi (1.9.3-java)
    flog (4.2.0)
      ruby_parser (~> 3.1, > 3.1.0)
      sexp_processor (~> 4.4)
    fog (1.15.0)
      builder
      excon (~> 0.25.0)
      formatador (~> 0.2.0)
      mime-types
      multi_json (~> 1.0)
      net-scp (~> 1.1)
      net-ssh (>= 2.1.3)
      nokogiri (~> 1.5)
      ruby-hmac
    foreman (0.63.0)
      dotenv (>= 0.7)
      thor (>= 0.13.6)
    foreman (0.63.0-java)
      dotenv (>= 0.7)
      thor (>= 0.13.6)
    formatador (0.2.4)
    git (1.2.6)
    google-api-client (0.6.4)
      addressable (>= 2.3.2)
      autoparse (>= 0.3.3)
      extlib (>= 0.9.15)
      faraday (~> 0.8.4)
      jwt (>= 0.1.5)
      launchy (>= 2.1.1)
      multi_json (>= 1.0.0)
      signet (~> 0.4.5)
      uuidtools (>= 2.1.0)
    hashie (2.0.5)
    httparty (0.8.3)
      multi_json (~> 1.0)
      multi_xml
    i18n (0.6.9)
    jenkins_api_client (0.14.1)
      json
      mixlib-shellout (>= 1.1.0)
      nokogiri (~> 1.5.0)
      terminal-table (>= 1.4.0)
      thor (>= 0.16.0)
    json (1.7.7)
    json (1.7.7-java)
    jwt (0.1.6)
      multi_json (>= 1.0)
    launchy (2.4.2)
      addressable (~> 2.3)
    little-plugger (1.1.3)
    logging (1.8.1)
      little-plugger (>= 1.1.3)
      multi_json (>= 1.3.6)
    method_source (0.8.2)
    mime-types (2.0)
    mixlib-authentication (1.3.0)
      mixlib-log
    mixlib-log (1.6.0)
    mixlib-shellout (1.3.0)
    mongo (1.8.3)
      bson (~> 1.8.3)
    mongo_ext (0.19.3)
    mongoid (3.1.6)
      activemodel (~> 3.2)
      moped (~> 1.4)
      origin (~> 1.0)
      tzinfo (~> 0.3.29)
    moped (1.5.1)
    multi_json (1.3.7)
    multi_xml (0.5.5)
    multipart-post (1.2.0)
    net-http-persistent (2.9)
    net-scp (1.1.2)
      net-ssh (>= 2.6.5)
    net-ssh (2.7.0)
    nio4r (0.5.0)
    nio4r (0.5.0-java)
    nokogiri (1.5.11)
    nokogiri (1.5.11-java)
    origin (1.1.0)
    pry (0.9.12.4)
      coderay (~> 1.0)
      method_source (~> 0.8)
      slop (~> 3.4)
    pry (0.9.12.4-java)
      coderay (~> 1.0)
      method_source (~> 0.8)
      slop (~> 3.4)
      spoon (~> 0.0)
    pry-debugger (0.2.2)
      debugger (~> 1.3)
      pry (~> 0.9.10)
    puma (2.7.1)
      rack (>= 1.1, < 2.0)
    puma (2.7.1-java)
      rack (>= 1.1, < 2.0)
    rack (1.5.2)
    rack-methodoverride-with-params (1.0.0)
      rack (~> 1)
    rack-protection (1.5.1)
      rack
    rack-test (0.6.2)
      rack (>= 1.0)
    rake (10.1.0)
    rb-readline (0.5.0)
    representable (1.7.3)
      multi_json
      nokogiri
    rest-client (1.6.7)
      mime-types (>= 1.16)
    retryable (1.3.3)
    ridley (2.3.0)
      addressable
      buff-config (~> 0.2)
      buff-extensions (~> 0.3)
      buff-ignore (~> 1.1)
      buff-shell_out (~> 0.1)
      celluloid (~> 0.15)
      celluloid-io (~> 0.15)
      erubis
      faraday (>= 0.8.4)
      hashie (>= 2.0.2)
      json (>= 1.7.7)
      mixlib-authentication (>= 1.3.0)
      net-http-persistent (>= 2.8)
      retryable
      solve (>= 0.4.4)
      varia_model (~> 0.1)
    ripl (0.7.0)
      bond (~> 0.4.2)
    ripl-multi_line (0.3.1)
      ripl (>= 0.3.6)
    ripl-rack (0.2.0)
      rack (>= 1.0)
      rack-test (>= 0.5)
      ripl (>= 0.3.5)
    roar (0.9.2)
      representable (~> 1.1)
    rspec (2.14.1)
      rspec-core (~> 2.14.0)
      rspec-expectations (~> 2.14.0)
      rspec-mocks (~> 2.14.0)
    rspec-core (2.14.7)
    rspec-expectations (2.14.4)
      diff-lcs (>= 1.1.3, < 2.0)
    rspec-mocks (2.14.4)
    ruby-hmac (0.4.0)
    ruby_parser (3.2.2)
      sexp_processor (~> 4.1)
    rufus-scheduler (3.0.3)
      tzinfo
    sexp_processor (4.4.1)
    shotgun (0.9)
      rack (>= 1.0)
    signet (0.4.5)
      addressable (>= 2.2.3)
      faraday (~> 0.8.1)
      jwt (>= 0.1.5)
      multi_json (>= 1.0.0)
    simplecov (0.8.2)
      docile (~> 1.1.0)
      multi_json
      simplecov-html (~> 0.8.0)
    simplecov-html (0.8.0)
    sinatra (1.3.6)
      rack (~> 1.4)
      rack-protection (~> 1.3)
      tilt (~> 1.3, >= 1.3.3)
    sinatra-contrib (1.3.2)
      backports (>= 2.0)
      eventmachine
      rack-protection
      rack-test
      sinatra (~> 1.3.0)
      tilt (~> 1.3)
    slop (3.4.7)
    solve (0.8.2)
    source2swagger (0.0.2)
      json
    spice (1.0.4)
      faraday (~> 0.8.0)
      mixlib-authentication (>= 1.1.4)
      multi_json (~> 1.3.6)
    spoon (0.0.4)
      ffi
    term-ansicolor (1.2.2)
      tins (~> 0.8)
    terminal-table (1.4.5)
    thor (0.18.1)
    tilt (1.4.1)
    timers (1.1.0)
    tins (0.13.1)
    tux (0.3.0)
      ripl (>= 0.3.5)
      ripl-multi_line (>= 0.2.4)
      ripl-rack (>= 0.2.0)
      sinatra (>= 1.2.1)
    tzinfo (0.3.38)
    uuidtools (2.1.4)
    varia_model (0.2.0)
      buff-extensions (~> 0.2)
      hashie (>= 2.0.2)

PLATFORMS
  java
  ruby

DEPENDENCIES
  awesome_print
  bcrypt-ruby (~> 3.0.1)
  bson (= 1.8.3)
  bson_ext (= 1.8.3)
  coveralls
  database_cleaner
  erubis (~> 2.7.0)
  factory_girl (~> 3.0.0)
  flog
  fog (= 1.15.0)
  foreman
  git
  google-api-client
  httparty (~> 0.8.1)
  jenkins_api_client (~> 0.14.1)
  json (~> 1.7.7)
  logging
  mongo (= 1.8.3)
  mongo_ext (~> 0.19)
  mongoid (~> 3.1.6)
  nokogiri
  pry
  pry-debugger
  puma
  rack-methodoverride-with-params (~> 1.0.0)
  rack-test
  rake
  rb-readline
  rest-client (~> 1.6.7)
  ridley (~> 2.3.0)
  roar (~> 0.9.1)
  rspec (~> 2.4)
  rufus-scheduler
  shotgun
  sinatra (~> 1.3.1)
  sinatra-contrib
  source2swagger
  spice
  tux
