GEM
  remote: http://rubygems.org/
  specs:
    activemodel (3.2.7)
      activesupport (= 3.2.7)
      builder (~> 3.0.0)
    activesupport (3.2.7)
      i18n (~> 0.6)
      multi_json (~> 1.0)
    addressable (2.3.2)
    awesome_print (1.0.2)
    bcrypt-ruby (3.0.1)
    bcrypt-ruby (3.0.1-java)
    bson (1.5.2)
    bson (1.5.2-java)
    bson_ext (1.5.2)
      bson (= 1.5.2)
    builder (3.0.0)
    columnize (0.3.6)
    daemons (1.1.8)
    database_cleaner (0.8.0)
    debugger (1.4.0)
      columnize (>= 0.3.1)
      debugger-linecache (~> 1.1.1)
      debugger-ruby_core_source (~> 1.2.0)
    debugger-linecache (1.1.2)
      debugger-ruby_core_source (>= 1.1.1)
    debugger-ruby_core_source (1.2.0)
    diff-lcs (1.1.3)
    erubis (2.7.0)
    eventmachine (0.12.10)
    eventmachine (0.12.10-java)
    excon (0.15.5)
    factory_girl (3.0.0)
      activesupport (>= 3.0.0)
    ffi (1.1.4-java)
    fog (1.10.0)
      builder
      excon (~> 0.14)
      formatador (~> 0.2.0)
      mime-types
      multi_json (~> 1.0)
      net-scp (~> 1.1)
      net-ssh (>= 2.1.3)
      nokogiri (~> 1.5.0)
      ruby-hmac
    foreman (0.53.0)
      thor (>= 0.13.6)
    foreman (0.53.0-java)
      posix-spawn (~> 0.3.6)
      thor (>= 0.13.6)
    formatador (0.2.4)
    heroku (2.30.2)
      heroku-api (~> 0.3.2)
      launchy (>= 0.3.2)
      netrc (~> 0.7.5)
      rest-client (~> 1.6.1)
      rubyzip
    heroku-api (0.3.2)
      excon (~> 0.15.5)
    httparty (0.8.3)
      multi_json (~> 1.0)
      multi_xml
    i18n (0.6.0)
    json (1.6.7)
    json (1.6.7-java)
    launchy (2.1.2)
      addressable (~> 2.3)
    launchy (2.1.2-java)
      addressable (~> 2.3)
      ffi (~> 1.1.1)
      spoon (~> 0.0.1)
    mime-types (1.19)
    mongo (1.5.2)
      bson (= 1.5.2)
    mongo_ext (0.19.3)
    mongoid (2.4.3)
      activemodel (~> 3.1)
      mongo (~> 1.3)
      tzinfo (~> 0.3.22)
    multi_json (1.3.6)
    multi_xml (0.5.1)
    net-scp (1.1.0)
      net-ssh (>= 2.6.5)
    net-ssh (2.6.6)
    netrc (0.7.5)
    nokogiri (1.5.5)
    nokogiri (1.5.5-java)
    posix-spawn (0.3.6)
    rack (1.4.1)
    rack-methodoverride-with-params (1.0.0)
      rack (~> 1)
    rack-protection (1.2.0)
      rack
    rack-test (0.6.1)
      rack (>= 1.0)
    rake (0.9.2.2)
    redcarpet (2.1.1)
    representable (1.2.3)
      json
      nokogiri
    rest-client (1.6.7)
      mime-types (>= 1.16)
    roar (0.9.2)
      representable (~> 1.1)
    rspec (2.11.0)
      rspec-core (~> 2.11.0)
      rspec-expectations (~> 2.11.0)
      rspec-mocks (~> 2.11.0)
    rspec-core (2.11.1)
    rspec-expectations (2.11.2)
      diff-lcs (~> 1.1.3)
    rspec-mocks (2.11.1)
    ruby-hmac (0.4.0)
    rubyzip (0.9.9)
    sinatra (1.3.2)
      rack (~> 1.3, >= 1.3.6)
      rack-protection (~> 1.2)
      tilt (~> 1.3, >= 1.3.3)
    spoon (0.0.1)
    thin (1.3.1)
      daemons (>= 1.0.9)
      eventmachine (>= 0.12.6)
      rack (>= 1.0.0)
    thor (0.15.4)
    tilt (1.3.3)
    tzinfo (0.3.33)

PLATFORMS
  java
  ruby

DEPENDENCIES
  activemodel (~> 3.2.0)
  awesome_print
  bcrypt-ruby (~> 3.0.1)
  bson (= 1.5.2)
  bson_ext (= 1.5.2)
  database_cleaner
  debugger
  erubis (~> 2.7.0)
  factory_girl (~> 3.0.0)
  fog (~> 1.10)
  foreman
  heroku
  httparty (~> 0.8.1)
  json (~> 1.6.6)
  mongo (= 1.5.2)
  mongo_ext (~> 0.19)
  mongoid (= 2.4.3)
  nokogiri
  rack-methodoverride-with-params (~> 1.0.0)
  rack-test
  rake
  redcarpet (~> 2.1.0)
  roar (~> 0.9.1)
  rspec (~> 2.4)
  sinatra (~> 1.3.1)
  thin (~> 1.3.1)
