GEM
  remote: http://rubygems.org/
  specs:
    activemodel (3.2.14)
      activesupport (= 3.2.14)
      builder (~> 3.0.0)
    activesupport (3.2.14)
      i18n (~> 0.6, >= 0.6.4)
      multi_json (~> 1.0)
    addressable (2.3.5)
    autoparse (0.3.3)
      addressable (>= 2.3.1)
      extlib (>= 0.9.15)
      multi_json (>= 1.0.0)
    awesome_print (1.1.0)
    bcrypt-ruby (3.0.1)
    bcrypt-ruby (3.0.1-java)
    bson (1.8.3)
    bson (1.8.3-java)
    bson_ext (1.8.3)
      bson (~> 1.8.3)
    builder (3.0.4)
    columnize (0.3.6)
    daemons (1.1.9)
    database_cleaner (1.1.1)
    debugger (1.6.1)
      columnize (>= 0.3.1)
      debugger-linecache (~> 1.2.0)
      debugger-ruby_core_source (~> 1.2.3)
    debugger-linecache (1.2.0)
    debugger-ruby_core_source (1.2.3)
    diff-lcs (1.2.4)
    dotenv (0.8.0)
    erubis (2.7.0)
    eventmachine (1.0.3)
    eventmachine (1.0.3-java)
    excon (0.25.3)
    extlib (0.9.16)
    factory_girl (3.0.0)
      activesupport (>= 3.0.0)
    faraday (0.8.8)
      multipart-post (~> 1.2.0)
    fog (1.14.0)
      builder
      excon (~> 0.25.0)
      formatador (~> 0.2.0)
      mime-types
      multi_json (~> 1.0)
      net-scp (~> 1.1)
      net-ssh (>= 2.1.3)
      nokogiri (~> 1.5)
      ruby-hmac
    foreman (0.63.0)
      dotenv (>= 0.7)
      thor (>= 0.13.6)
    foreman (0.63.0-java)
      dotenv (>= 0.7)
      thor (>= 0.13.6)
    formatador (0.2.4)
    google-api-client (0.6.4)
      addressable (>= 2.3.2)
      autoparse (>= 0.3.3)
      extlib (>= 0.9.15)
      faraday (~> 0.8.4)
      jwt (>= 0.1.5)
      launchy (>= 2.1.1)
      multi_json (>= 1.0.0)
      signet (~> 0.4.5)
      uuidtools (>= 2.1.0)
    heroku (2.40.0)
      heroku-api (~> 0.3.7)
      launchy (>= 0.3.2)
      netrc (~> 0.7.7)
      rest-client (~> 1.6.1)
      rubyzip
    heroku-api (0.3.15)
      excon (~> 0.25.1)
    httparty (0.8.3)
      multi_json (~> 1.0)
      multi_xml
    i18n (0.6.5)
<<<<<<< HEAD
    json (1.6.8)
    json (1.6.8-java)
    jwt (0.1.8)
      multi_json (>= 1.5)
=======
    json (1.7.7)
    json (1.7.7-java)
    jwt (0.1.6)
      multi_json (>= 1.0)
>>>>>>> 32a0b8caf273b1c295d0836e894bc78bd4a0fae4
    launchy (2.3.0)
      addressable (~> 2.3)
    mime-types (1.24)
    mini_portile (0.5.1)
    mixlib-authentication (1.1.4)
      mixlib-log
    mixlib-log (1.6.0)
    mongo (1.8.3)
      bson (~> 1.8.3)
    mongo_ext (0.19.3)
    mongoid (2.4.3)
      activemodel (~> 3.1)
      mongo (~> 1.3)
      tzinfo (~> 0.3.22)
    multi_json (1.3.7)
    multi_xml (0.5.5)
    multipart-post (1.2.0)
    net-scp (1.1.2)
      net-ssh (>= 2.6.5)
    net-ssh (2.6.8)
    netrc (0.7.7)
    nokogiri (1.6.0)
      mini_portile (~> 0.5.0)
    nokogiri (1.6.0-java)
      mini_portile (~> 0.5.0)
    rack (1.5.2)
    rack-methodoverride-with-params (1.0.0)
      rack (~> 1)
    rack-protection (1.5.0)
      rack
    rack-test (0.6.2)
      rack (>= 1.0)
    rake (10.1.0)
    rb-readline (0.5.0)
    redcarpet (2.1.1)
    representable (1.6.1)
      multi_json
      nokogiri
    rest-client (1.6.7)
      mime-types (>= 1.16)
    roar (0.9.2)
      representable (~> 1.1)
    rspec (2.14.1)
      rspec-core (~> 2.14.0)
      rspec-expectations (~> 2.14.0)
      rspec-mocks (~> 2.14.0)
    rspec-core (2.14.5)
    rspec-expectations (2.14.2)
      diff-lcs (>= 1.1.3, < 2.0)
    rspec-mocks (2.14.3)
    ruby-hmac (0.4.0)
    rubyzip (0.9.9)
    signet (0.4.5)
      addressable (>= 2.2.3)
      faraday (~> 0.8.1)
      jwt (>= 0.1.5)
      multi_json (>= 1.0.0)
    sinatra (1.3.6)
      rack (~> 1.4)
      rack-protection (~> 1.3)
      tilt (~> 1.3, >= 1.3.3)
    source2swagger (0.0.2)
      json
    spice (1.0.6)
      faraday (~> 0.8.0)
      mixlib-authentication (~> 1.1.4)
      multi_json (~> 1.3.6)
    thin (1.3.1)
      daemons (>= 1.0.9)
      eventmachine (>= 0.12.6)
      rack (>= 1.0.0)
    thor (0.18.1)
    tilt (1.4.1)
    tzinfo (0.3.37)
    uuidtools (2.1.4)

PLATFORMS
  java
  ruby

DEPENDENCIES
  activemodel (~> 3.2.0)
  awesome_print
  bcrypt-ruby (~> 3.0.1)
  bson (= 1.8.3)
  bson_ext (= 1.8.3)
  database_cleaner
  debugger
  erubis (~> 2.7.0)
  factory_girl (~> 3.0.0)
  fog (= 1.14.0)
  foreman
  google-api-client
  heroku
  httparty (~> 0.8.1)
  json (~> 1.7.7)
  mongo (= 1.8.3)
  mongo_ext (~> 0.19)
  mongoid (= 2.4.3)
  nokogiri
  rack-methodoverride-with-params (~> 1.0.0)
  rack-test
  rake
  rb-readline
  redcarpet (~> 2.1.0)
  rest-client (~> 1.6.7)
  roar (~> 0.9.1)
  rspec (~> 2.4)
  sinatra (~> 1.3.1)
  source2swagger
  spice
  thin (~> 1.3.1)
